GIT
  remote: git://github.com/halan/brid.git
  revision: 7720f4ff439d8c74b4ec3741844f2a5ce22c64b4
  specs:
    brid (0.1.3)

GEM
  remote: https://rubygems.org/
  specs:
    json_pure (1.7.3)
    rack (1.4.1)
    rack-protection (1.2.0)
      rack
    sinatra (1.3.2)
      rack (~> 1.3, >= 1.3.6)
      rack-protection (~> 1.2)
      tilt (~> 1.3, >= 1.3.3)
    sinatra-jsonp (0.3.2)
      json_pure (~> 1.4)
      sinatra (~> 1.0)
    tilt (1.3.3)

PLATFORMS
  ruby

DEPENDENCIES
  brid!
  sinatra
  sinatra-jsonp
